PATH
  remote: .
  specs:
    sinatra-scope (0.0.1)
      activesupport (~> 3.0.0)
      sinatra (~> 1.0.0)

GEM
  specs:
    activesupport (3.0.0)
    rack (1.2.1)
    rack-test (0.5.6)
      rack (>= 1.0)
    sinatra (1.0)
      rack (>= 1.0)

PLATFORMS
  ruby

DEPENDENCIES
  activesupport (~> 3.0.0)
  rack-test
  sinatra (~> 1.0.0)
  sinatra-scope!
