PATH
  remote: .
  specs:
    sinatra-scope (0.0.1)
      activesupport (~> 3.0.0)
      i18n (~> 0.5.0)
      sinatra

GEM
  remote: http://rubygems.org/
  specs:
    activesupport (3.0.3)
    i18n (0.5.0)
    rack (1.2.1)
    rack-test (0.5.6)
      rack (>= 1.0)
    sinatra (1.1.2)
      rack (~> 1.1)
      tilt (~> 1.2)
    tilt (1.2.2)

PLATFORMS
  ruby

DEPENDENCIES
  rack-test
  sinatra-scope!
